PATH
  remote: .
  specs:
    mongo_trails (11.0)
      mongoid (< 8)
      mongoid-autoinc (< 7)
      paper_trail (< 12)

GEM
  remote: https://rubygems.org/
  specs:
    activemodel (6.0.3.4)
      activesupport (= 6.0.3.4)
    activerecord (6.0.3.4)
      activemodel (= 6.0.3.4)
      activesupport (= 6.0.3.4)
    activesupport (6.0.3.4)
      concurrent-ruby (~> 1.0, >= 1.0.2)
      i18n (>= 0.7, < 2)
      minitest (~> 5.1)
      tzinfo (~> 1.1)
      zeitwerk (~> 2.2, >= 2.2.2)
    appraisal (2.3.0)
      bundler
      rake
      thor (>= 0.14.0)
    bson (4.11.1)
    concurrent-ruby (1.1.8)
    connection_pool (2.2.3)
    i18n (1.8.7)
      concurrent-ruby (~> 1.0)
    minitest (5.14.1)
    mongo (2.14.0)
      bson (>= 4.8.2, < 5.0.0)
    mongoid (7.2.0)
      activemodel (>= 5.1, < 6.1)
      mongo (>= 2.10.5, < 3.0.0)
    mongoid-autoinc (6.0.3)
      mongoid (>= 6.0, < 8.0)
    paper_trail (11.1.0)
      activerecord (>= 5.2)
      request_store (~> 1.1)
    rack (2.2.3)
    rake (12.3.3)
    redis (4.2.1)
    request_store (1.5.0)
      rack (>= 1.4)
    sidekiq (6.1.1)
      connection_pool (>= 2.2.2)
      rack (~> 2.0)
      redis (>= 4.2.0)
    sqlite3 (1.4.2)
    thor (1.0.1)
    thread_safe (0.3.6)
    tzinfo (1.2.9)
      thread_safe (~> 0.1)
    zeitwerk (2.4.2)

PLATFORMS
  ruby

DEPENDENCIES
  appraisal (~> 2.3)
  minitest (~> 5.0)
  mongo_trails!
  rake (~> 12.0)
  sidekiq (< 7)
  sqlite3 (~> 1.4)

BUNDLED WITH
   1.17.3
