PATH
  remote: .
  specs:
    mongo_trails (10.3.1)
      activerecord (>= 5.2)
      mongoid (< 8)
      mongoid-autoinc (< 7)
      request_store (~> 1.1)
      sidekiq (< 7)

GEM
  remote: https://rubygems.org/
  specs:
    activemodel (6.0.3.2)
      activesupport (= 6.0.3.2)
    activerecord (6.0.3.2)
      activemodel (= 6.0.3.2)
      activesupport (= 6.0.3.2)
    activesupport (6.0.3.2)
      concurrent-ruby (~> 1.0, >= 1.0.2)
      i18n (>= 0.7, < 2)
      minitest (~> 5.1)
      tzinfo (~> 1.1)
      zeitwerk (~> 2.2, >= 2.2.2)
    appraisal (2.3.0)
      bundler
      rake
      thor (>= 0.14.0)
    bson (4.10.0)
    concurrent-ruby (1.1.7)
    connection_pool (2.2.3)
    i18n (1.8.5)
      concurrent-ruby (~> 1.0)
    minitest (5.14.1)
    mongo (2.13.0)
      bson (>= 4.8.2, < 5.0.0)
    mongoid (7.1.2)
      activemodel (>= 5.1, < 6.1)
      mongo (>= 2.7.0, < 3.0.0)
    mongoid-autoinc (6.0.3)
      mongoid (>= 6.0, < 8.0)
    rack (2.2.3)
    rake (12.3.3)
    redis (4.2.1)
    request_store (1.5.0)
      rack (>= 1.4)
    sidekiq (6.1.1)
      connection_pool (>= 2.2.2)
      rack (~> 2.0)
      redis (>= 4.2.0)
    sqlite3 (1.4.2)
    thor (1.0.1)
    thread_safe (0.3.6)
    tzinfo (1.2.7)
      thread_safe (~> 0.1)
    zeitwerk (2.4.0)

PLATFORMS
  ruby

DEPENDENCIES
  appraisal (~> 2.3)
  minitest (~> 5.0)
  mongo_trails!
  rake (~> 12.0)
  sqlite3 (~> 1.4)

BUNDLED WITH
   1.17.3
